GEM
  remote: https://rubygems.org/
  specs:
    byebug (11.1.3)
    childprocess (4.1.0)
    colorize (1.1.0)
    dotenv (3.1.4)
    httparty (0.20.0)
      mime-types (~> 3.0)
      multi_xml (>= 0.5.2)
    mail (2.7.1)
      mini_mime (>= 0.1.1)
    mime-types (3.4.1)
      mime-types-data (~> 3.2015)
    mime-types-data (3.2022.0105)
    mini_mime (1.1.2)
    mini_portile2 (2.7.1)
    multi_xml (0.6.0)
    nokogiri (1.13.0)
      mini_portile2 (~> 2.7.0)
      racc (~> 1.4)
    racc (1.6.0)
    requests (1.0.2)
    rexml (3.2.5)
    rubyzip (2.3.2)
    selenium-webdriver (4.1.0)
      childprocess (>= 0.5, < 5.0)
      rexml (~> 3.2, >= 3.2.5)
      rubyzip (>= 1.2.2)
    terminal-notifier (2.0.0)

PLATFORMS
  ruby
  x86_64-darwin-19

DEPENDENCIES
  byebug (~> 11.1)
  colorize
  dotenv
  httparty (~> 0.20.0)
  mail (~> 2.7, >= 2.7.1)
  nokogiri (~> 1.12, >= 1.12.5)
  requests (~> 1.0, >= 1.0.2)
  selenium-webdriver (~> 4.1)
  terminal-notifier (~> 2.0)

BUNDLED WITH
   2.3.3
