GEM
  remote: https://rubygems.org/
  specs:
    byebug (11.1.3)
    colorize (1.1.0)
    dotenv (3.1.4)
    httparty (0.20.0)
      mime-types (~> 3.0)
      multi_xml (>= 0.5.2)
    mime-types (3.4.1)
      mime-types-data (~> 3.2015)
    mime-types-data (3.2022.0105)
    multi_xml (0.6.0)

PLATFORMS
  ruby
  x86_64-darwin-19

DEPENDENCIES
  byebug (~> 11.1)
  colorize
  dotenv
  httparty (~> 0.20.0)

RUBY VERSION
   ruby 3.3.5p100

BUNDLED WITH
   2.3.3
